GEM
  remote: https://rubygems.org/
  specs:
    git (1.3.0)
    minitest (5.8.3)

PLATFORMS
  x64-mingw32

DEPENDENCIES
  git
  minitest

BUNDLED WITH
   1.13.6
