GEM
  remote: https://rubygems.org/
  specs:
    colorize (0.8.1)
    git (1.3.0)
    minitest (5.8.3)

PLATFORMS
  x64-mingw32

DEPENDENCIES
  colorize
  git
  minitest

BUNDLED WITH
   1.13.6
