GEM
  remote: https://rubygems.org/
  specs:
    power_assert (0.4.1)
    test-unit (3.2.3)
      power_assert

PLATFORMS
  x64-mingw32

DEPENDENCIES
  test-unit

BUNDLED WITH
   1.13.6
